GIT
  remote: git://github.com/hmans/schnitzelstyle.git
  revision: 1a922ba3c39eac0001cb778f14821e82277e7784
  specs:
    schnitzelstyle (0.2.0)
      sass (~> 3.2.0.alpha.94)

PATH
  remote: ../niles
  specs:
    niles (0.0.1)
      tilt (~> 1.3)

GEM
  remote: http://rubygems.org/
  specs:
    activemodel (3.2.3)
      activesupport (= 3.2.3)
      builder (~> 3.0.0)
    activesupport (3.2.3)
      i18n (~> 0.6)
      multi_json (~> 1.0)
    bson (1.6.2)
    bson_ext (1.6.2)
      bson (~> 1.6.2)
    builder (3.0.0)
    daemons (1.1.8)
    eventmachine (0.12.10)
    haml (3.1.6)
    i18n (0.6.0)
    mongo (1.6.2)
      bson (~> 1.6.2)
    mongoid (2.4.9)
      activemodel (~> 3.1)
      mongo (~> 1.3)
      tzinfo (~> 0.3.22)
    multi_json (1.3.5)
    oyster (0.9.5)
    packr (3.1.1)
      oyster (>= 0.9.5)
    rack (1.4.1)
    sass (3.2.0.alpha.237)
    thin (1.3.1)
      daemons (>= 1.0.9)
      eventmachine (>= 0.12.6)
      rack (>= 1.0.0)
    tilt (1.3.3)
    tzinfo (0.3.33)

PLATFORMS
  ruby

DEPENDENCIES
  activesupport
  bson_ext (~> 1.5)
  haml
  mongoid (~> 2.4)
  niles!
  packr
  rack
  schnitzelstyle!
  thin
