GIT
  remote: git://github.com/hmans/niles.git
  revision: 02662c592fcc012fbceca53a74cfdd6cda4693d5
  specs:
    niles (0.0.1)
      tilt (~> 1.3)

GIT
  remote: git://github.com/hmans/schnitzelstyle.git
  revision: 1a922ba3c39eac0001cb778f14821e82277e7784
  specs:
    schnitzelstyle (0.2.0)
      sass (~> 3.2.0.alpha.94)

GEM
  remote: http://rubygems.org/
  specs:
    activemodel (3.2.3)
      activesupport (= 3.2.3)
      builder (~> 3.0.0)
    activesupport (3.2.3)
      i18n (~> 0.6)
      multi_json (~> 1.0)
    bson (1.6.2)
    bson_ext (1.6.2)
      bson (~> 1.6.2)
    builder (3.0.0)
    coderay (1.0.6)
    daemons (1.1.8)
    eventmachine (0.12.10)
    haml (3.1.6)
    hashie (1.2.0)
    i18n (0.6.0)
    method_source (0.7.1)
    mongo (1.6.2)
      bson (~> 1.6.2)
    mongoid (2.4.10)
      activemodel (~> 3.1)
      mongo (~> 1.3)
      tzinfo (~> 0.3.22)
    multi_json (1.3.5)
    oauth (0.4.6)
    omniauth (1.1.0)
      hashie (~> 1.2)
      rack
    omniauth-oauth (1.0.1)
      oauth
      omniauth (~> 1.0)
    omniauth-twitter (0.0.11)
      multi_json (~> 1.3)
      omniauth-oauth (~> 1.0)
    oyster (0.9.5)
    packr (3.2.0)
      oyster (>= 0.9.5)
    pry (0.9.9.6)
      coderay (~> 1.0.5)
      method_source (~> 0.7.1)
      slop (>= 2.4.4, < 3)
    rack (1.4.1)
    rack-cache (1.2)
      rack (>= 0.4)
    rake (0.9.2.2)
    redcarpet (2.1.1)
    sass (3.2.0.alpha.237)
    slop (2.4.4)
    thin (1.3.1)
      daemons (>= 1.0.9)
      eventmachine (>= 0.12.6)
      rack (>= 1.0.0)
    tilt (1.3.3)
    tzinfo (0.3.33)

PLATFORMS
  ruby

DEPENDENCIES
  activesupport
  bson_ext (~> 1.5)
  haml
  mongoid (~> 2.4)
  niles!
  omniauth
  omniauth-twitter
  packr
  pry
  rack
  rack-cache
  rake
  redcarpet
  schnitzelstyle!
  thin
