PATH
  remote: ../niles
  specs:
    niles (0.0.1)
      tilt (~> 1.3)

GEM
  remote: http://rubygems.org/
  specs:
    activesupport (3.2.3)
      i18n (~> 0.6)
      multi_json (~> 1.0)
    daemons (1.1.8)
    eventmachine (0.12.10)
    haml (3.1.6)
    i18n (0.6.0)
    multi_json (1.3.5)
    rack (1.4.1)
    thin (1.3.1)
      daemons (>= 1.0.9)
      eventmachine (>= 0.12.6)
      rack (>= 1.0.0)
    tilt (1.3.3)

PLATFORMS
  ruby

DEPENDENCIES
  activesupport
  haml
  niles!
  rack
  thin
