GIT
  remote: git://github.com/hmans/allowance.git
  revision: 59fa1dc30c0ee459ec6047b222f54831d7b0d923
  specs:
    allowance (0.1.1)

GIT
  remote: git://github.com/hmans/happy-helpers.git
  revision: b8751809e1b59d3d04d712c37c73cbb1e820c7f4
  specs:
    happy-helpers (0.1.0.pre.5)
      tilt (~> 1.3)

GIT
  remote: git://github.com/hmans/happy.git
  revision: 3893f5397d84cb0a040d59412aa1b417de74f963
  specs:
    happy (0.1.0.pre7)
      activesupport (~> 3.1)
      allowance (>= 0.1.1)
      happy-cli (>= 0.1.0.pre1)
      happy-helpers (~> 0.1.0.pre.5)
      rack (~> 1.4)

GIT
  remote: git://github.com/hmans/schnitzelstyle.git
  revision: 1a922ba3c39eac0001cb778f14821e82277e7784
  specs:
    schnitzelstyle (0.2.0)
      sass (~> 3.2.0.alpha.94)

GEM
  remote: http://rubygems.org/
  specs:
    activemodel (3.2.4)
      activesupport (= 3.2.4)
      builder (~> 3.0.0)
    activesupport (3.2.4)
      i18n (~> 0.6)
      multi_json (~> 1.0)
    awesome_print (1.0.2)
    bson (1.6.2)
    bson_ext (1.6.2)
      bson (~> 1.6.2)
    builder (3.0.0)
    coderay (1.0.6)
    columnize (0.3.6)
    daemons (1.1.8)
    debugger (1.1.3)
      columnize (>= 0.3.1)
      debugger-linecache (~> 1.1.1)
      debugger-ruby_core_source (~> 1.1.2)
    debugger-linecache (1.1.1)
      debugger-ruby_core_source (>= 1.1.1)
    debugger-ruby_core_source (1.1.3)
    eventmachine (0.12.10)
    haml (3.1.6)
    happy-cli (0.1.0.pre2)
      thor (~> 0.15)
    hashie (1.2.0)
    i18n (0.6.0)
    kgio (2.7.4)
    method_source (0.7.1)
    mongo (1.6.2)
      bson (~> 1.6.2)
    mongoid (2.4.10)
      activemodel (~> 3.1)
      mongo (~> 1.3)
      tzinfo (~> 0.3.22)
    multi_json (1.3.6)
    oauth (0.4.6)
    omniauth (1.1.0)
      hashie (~> 1.2)
      rack
    omniauth-oauth (1.0.1)
      oauth
      omniauth (~> 1.0)
    omniauth-twitter (0.0.11)
      multi_json (~> 1.3)
      omniauth-oauth (~> 1.0)
    oyster (0.9.5)
    packr (3.2.0)
      oyster (>= 0.9.5)
    pry (0.9.9.6)
      coderay (~> 1.0.5)
      method_source (~> 0.7.1)
      slop (>= 2.4.4, < 3)
    rack (1.4.1)
    rack-cache (1.2)
      rack (>= 0.4)
    raindrops (0.9.0)
    rake (0.9.2.2)
    redcarpet (2.1.1)
    sass (3.2.0.alpha.244)
    slop (2.4.4)
    thin (1.3.1)
      daemons (>= 1.0.9)
      eventmachine (>= 0.12.6)
      rack (>= 1.0.0)
    thor (0.15.2)
    tilt (1.3.3)
    tzinfo (0.3.33)
    unicorn (4.3.1)
      kgio (~> 2.6)
      rack
      raindrops (~> 0.7)

PLATFORMS
  ruby

DEPENDENCIES
  allowance!
  awesome_print
  bson_ext (~> 1.5)
  debugger
  haml
  happy!
  happy-helpers!
  mongoid (~> 2.4)
  omniauth
  omniauth-twitter
  packr
  pry
  rack-cache
  rake
  redcarpet
  schnitzelstyle!
  thin
  unicorn
