GIT
  remote: git://github.com/hmans/allowance.git
  revision: 59fa1dc30c0ee459ec6047b222f54831d7b0d923
  specs:
    allowance (0.1.1)

GIT
  remote: git://github.com/hmans/happy-helpers.git
  revision: 074793b597f40093a07b15a2d18eceaaca3323c0
  specs:
    happy-helpers (0.1.0.pre15)
      activesupport
      i18n
      money (~> 5.0)

GIT
  remote: git://github.com/hmans/happy-resources.git
  revision: 350277651ed30cfc307b441d8570dbb62a2f7cb7
  specs:
    happy-resources (0.1.0.pre1)
      happy (>= 0.1.0)

GIT
  remote: git://github.com/hmans/happy.git
  revision: f5892ee9e35593fb80484f06bc4c764a641df945
  specs:
    happy (0.1.0)
      activesupport (~> 3.1)
      allowance (>= 0.1.1)
      rack (~> 1.4)
      tilt (~> 1.3)

GIT
  remote: git://github.com/hmans/schnitzelstyle.git
  revision: 1a922ba3c39eac0001cb778f14821e82277e7784
  specs:
    schnitzelstyle (0.2.0)
      sass (~> 3.2.0.alpha.94)

GEM
  remote: http://rubygems.org/
  specs:
    activemodel (3.2.6)
      activesupport (= 3.2.6)
      builder (~> 3.0.0)
    activesupport (3.2.6)
      i18n (~> 0.6)
      multi_json (~> 1.0)
    awesome_print (1.0.2)
    bson (1.6.4)
    bson_ext (1.6.4)
      bson (~> 1.6.4)
    builder (3.0.0)
    coderay (1.0.6)
    columnize (0.3.6)
    daemons (1.1.8)
    debugger (1.1.4)
      columnize (>= 0.3.1)
      debugger-linecache (~> 1.1.1)
      debugger-ruby_core_source (~> 1.1.3)
    debugger-linecache (1.1.1)
      debugger-ruby_core_source (>= 1.1.1)
    debugger-ruby_core_source (1.1.3)
    eventmachine (0.12.10)
    haml (3.1.6)
    hashie (1.2.0)
    i18n (0.6.0)
    json (1.7.3)
    kgio (2.7.4)
    method_source (0.7.1)
    money (5.0.0)
      i18n (~> 0.4)
      json
    mongo (1.6.2)
      bson (~> 1.6.2)
    mongoid (2.4.11)
      activemodel (~> 3.1)
      mongo (<= 1.6.2)
      tzinfo (~> 0.3.22)
    multi_json (1.3.6)
    newrelic_rpm (3.4.0)
    oauth (0.4.6)
    omniauth (1.1.0)
      hashie (~> 1.2)
      rack
    omniauth-oauth (1.0.1)
      oauth
      omniauth (~> 1.0)
    omniauth-twitter (0.0.11)
      multi_json (~> 1.3)
      omniauth-oauth (~> 1.0)
    oyster (0.9.5)
    packr (3.2.0)
      oyster (>= 0.9.5)
    pry (0.9.9.6)
      coderay (~> 1.0.5)
      method_source (~> 0.7.1)
      slop (>= 2.4.4, < 3)
    rack (1.4.1)
    rack-cache (1.2)
      rack (>= 0.4)
    raindrops (0.10.0)
    rake (0.9.2.2)
    redcarpet (2.1.1)
    sass (3.2.0.alpha.247)
    slop (2.4.4)
    thin (1.3.1)
      daemons (>= 1.0.9)
      eventmachine (>= 0.12.6)
      rack (>= 1.0.0)
    tilt (1.3.3)
    tzinfo (0.3.33)
    unicorn (4.3.1)
      kgio (~> 2.6)
      rack
      raindrops (~> 0.7)

PLATFORMS
  ruby

DEPENDENCIES
  allowance!
  awesome_print
  bson_ext (~> 1.5)
  debugger
  haml
  happy!
  happy-helpers!
  happy-resources!
  mongoid (~> 2.4)
  newrelic_rpm
  omniauth
  omniauth-twitter
  packr
  pry
  rack-cache
  rake
  redcarpet
  sass
  schnitzelstyle!
  thin
  unicorn
